GEM
  remote: https://rubygems.org/
  specs:
    mustermann (2.0.2)
      ruby2_keywords (~> 0.0.1)
    nio4r (2.7.0)
    puma (5.6.8)
      nio4r (~> 2.0)
    rack (2.2.8)
    rack-protection (2.2.4)
      rack
    ruby2_keywords (0.0.5)
    sinatra (2.2.4)
      mustermann (~> 2.0)
      rack (~> 2.2)
      rack-protection (= 2.2.4)
      tilt (~> 2.0)
    tilt (2.3.0)

PLATFORMS
  arm64-darwin-22
  x86_64-darwin-20

DEPENDENCIES
  puma (~> 5.6)
  sinatra (~> 2.2)

BUNDLED WITH
   2.5.4
